GEM
  specs:
    chunky_png (1.3.5)
    rqrcode (0.7.0)
      chunky_png
    rqrcode_png (0.1.5)
      chunky_png
      rqrcode

PLATFORMS
  ruby

DEPENDENCIES
  rqrcode
  rqrcode_png
